GEM
  remote: http://rubygems.org/
  specs:
    coderay (1.0.5)
    ffi (1.0.11)
    guard (1.0.1)
      ffi (>= 0.5.0)
      thor (~> 0.14.6)
    guard-rake (0.0.5)
      guard
      rake
    method_source (0.7.1)
    pry (0.9.8.4)
      coderay (~> 1.0.5)
      method_source (~> 0.7.1)
      slop (>= 2.4.4, < 3)
    rake (0.9.2.2)
    redcarpet (2.1.1)
    slop (2.4.4)
    thor (0.14.6)

PLATFORMS
  ruby

DEPENDENCIES
  guard
  guard-rake
  pry
  redcarpet
